GEM
  remote: https://rubygems.org/
  specs:
    byebug (10.0.0)
    coderay (1.1.2)
    erubis (2.7.0)
    hiredis (0.6.1)
    kgio (2.11.2)
    method_source (0.9.0)
    mustermann (1.0.2)
    mysql2 (0.4.10)
    mysql2-cs-bind (0.0.6)
      mysql2
    pry (0.11.3)
      coderay (~> 1.1.0)
      method_source (~> 0.9.0)
    pry-byebug (3.6.0)
      byebug (~> 10.0)
      pry (~> 0.10)
    rack (2.0.4)
    rack-protection (2.0.1)
      rack
    raindrops (0.19.0)
    redis (4.0.1)
    sinatra (2.0.1)
      mustermann (~> 1.0)
      rack (~> 2.0)
      rack-protection (= 2.0.1)
      tilt (~> 2.0)
    tilt (2.0.8)
    unicorn (5.4.0)
      kgio (~> 2.6)
      raindrops (~> 0.7)

PLATFORMS
  ruby

DEPENDENCIES
  erubis
  hiredis
  mysql2
  mysql2-cs-bind
  pry-byebug
  redis (>= 3.2.0)
  sinatra
  unicorn

BUNDLED WITH
   1.16.1
